NUGET
  remote: https://nuget.org/api/v2
  specs:
    FAKE (3.14.9)
    FsCheck (1.0.4)
    FsCheck.Xunit (1.0.4)
      FsCheck (>= 1.0.4)
      xunit (>= 1.9.2)
    xunit (1.9.2)
    xunit.runners (1.9.2)
